PATH
  remote: .
  specs:
    mailjet (1.3.8)
      activesupport (>= 3.1.0)
      rack (>= 1.4.0)
      rest-client

GEM
  remote: http://rubygems.org/
  specs:
    actionmailer (4.2.6)
      actionpack (= 4.2.6)
      actionview (= 4.2.6)
      activejob (= 4.2.6)
      mail (~> 2.5, >= 2.5.4)
      rails-dom-testing (~> 1.0, >= 1.0.5)
    actionpack (4.2.6)
      actionview (= 4.2.6)
      activesupport (= 4.2.6)
      rack (~> 1.6)
      rack-test (~> 0.6.2)
      rails-dom-testing (~> 1.0, >= 1.0.5)
      rails-html-sanitizer (~> 1.0, >= 1.0.2)
    actionview (4.2.6)
      activesupport (= 4.2.6)
      builder (~> 3.1)
      erubis (~> 2.7.0)
      rails-dom-testing (~> 1.0, >= 1.0.5)
      rails-html-sanitizer (~> 1.0, >= 1.0.2)
    activejob (4.2.6)
      activesupport (= 4.2.6)
      globalid (>= 0.3.0)
    activesupport (4.2.6)
      i18n (~> 0.7)
      json (~> 1.7, >= 1.7.7)
      minitest (~> 5.1)
      thread_safe (~> 0.3, >= 0.3.4)
      tzinfo (~> 1.1)
    addressable (2.4.0)
    builder (3.2.2)
    coderay (1.1.1)
    crack (0.4.3)
      safe_yaml (~> 1.0.0)
    diff-lcs (1.2.5)
    domain_name (0.5.20160310)
      unf (>= 0.0.5, < 1.0.0)
    dotenv (2.1.0)
    erubis (2.7.0)
    ffi (1.9.10)
    formatador (0.2.5)
    globalid (0.3.6)
      activesupport (>= 4.1.0)
    guard (2.13.0)
      formatador (>= 0.2.4)
      listen (>= 2.7, <= 4.0)
      lumberjack (~> 1.0)
      nenv (~> 0.1)
      notiffany (~> 0.0)
      pry (>= 0.9.12)
      shellany (~> 0.0)
      thor (>= 0.18.1)
    guard-compat (1.2.1)
    guard-minitest (2.4.4)
      guard-compat (~> 1.2)
      minitest (>= 3.0)
    hashdiff (0.3.0)
    http-cookie (1.0.2)
      domain_name (~> 0.5)
    i18n (0.7.0)
    json (1.8.3)
    listen (3.0.6)
      rb-fsevent (>= 0.9.3)
      rb-inotify (>= 0.9.7)
    loofah (2.0.3)
      nokogiri (>= 1.5.9)
    lumberjack (1.0.10)
    mail (2.6.4)
      mime-types (>= 1.16, < 4)
    metaclass (0.0.4)
    method_source (0.8.2)
    mime-types (2.99.1)
    mini_portile2 (2.0.0)
    minitest (5.8.4)
    minitest-matchers (1.4.1)
      minitest (~> 5.0)
    minitest-spec-context (0.0.3)
    mocha (1.1.0)
      metaclass (~> 0.0.1)
    nenv (0.3.0)
    netrc (0.11.0)
    nokogiri (1.6.7.2)
      mini_portile2 (~> 2.0.0.rc2)
    notiffany (0.0.8)
      nenv (~> 0.1)
      shellany (~> 0.0)
    pry (0.10.3)
      coderay (~> 1.1.0)
      method_source (~> 0.8.1)
      slop (~> 3.4)
    rack (1.6.4)
    rack-test (0.6.3)
      rack (>= 1.0)
    rails-deprecated_sanitizer (1.0.3)
      activesupport (>= 4.2.0.alpha)
    rails-dom-testing (1.0.7)
      activesupport (>= 4.2.0.beta, < 5.0)
      nokogiri (~> 1.6.0)
      rails-deprecated_sanitizer (>= 1.0.1)
    rails-html-sanitizer (1.0.3)
      loofah (~> 2.0)
    rake (11.1.1)
    rb-fsevent (0.9.7)
    rb-inotify (0.9.7)
      ffi (>= 0.5.0)
    rest-client (1.8.0)
      http-cookie (>= 1.0.2, < 2.0)
      mime-types (>= 1.16, < 3.0)
      netrc (~> 0.7)
    rspec (3.4.0)
      rspec-core (~> 3.4.0)
      rspec-expectations (~> 3.4.0)
      rspec-mocks (~> 3.4.0)
    rspec-core (3.4.4)
      rspec-support (~> 3.4.0)
    rspec-expectations (3.4.0)
      diff-lcs (>= 1.2.0, < 2.0)
      rspec-support (~> 3.4.0)
    rspec-mocks (3.4.1)
      diff-lcs (>= 1.2.0, < 2.0)
      rspec-support (~> 3.4.0)
    rspec-support (3.4.1)
    safe_yaml (1.0.4)
    shellany (0.0.1)
    slop (3.6.0)
    thor (0.19.1)
    thread_safe (0.3.5)
    tzinfo (1.2.2)
      thread_safe (~> 0.1)
    unf (0.1.4)
      unf_ext
    unf_ext (0.0.7.2)
    vcr (3.0.1)
    webmock (1.24.2)
      addressable (>= 2.3.6)
      crack (>= 0.3.2)
      hashdiff

PLATFORMS
  ruby

DEPENDENCIES
  actionmailer (>= 3.0.9)
  dotenv
  guard
  guard-minitest
  jruby-openssl
  json
  mailjet!
  mime-types
  minitest
  minitest-matchers
  minitest-spec-context
  mocha
  rake
  rspec
  rspec-expectations
  vcr
  webmock

BUNDLED WITH
   1.11.2
